GIT
  remote: git://github.com/concord-consortium/ar-extensions.git
  revision: 22145ab21f0246be8d0ef03caa2802fd2bbf9faf
  specs:
    ar-extensions (0.9.4)
      activerecord (~> 2.1)

GIT
  remote: git://github.com/concord-consortium/rpm.git
  revision: 49f8a55d9b72ee4e62d600b27ec8b3de401d0625
  specs:
    newrelic_rpm (3.3.0)

GEM
  remote: http://rubygems.org/
  specs:
    RedCloth (4.2.7)
    RedCloth (4.2.7-x86-mingw32)
    aasm (2.0.7)
    actionmailer (2.3.12)
      actionpack (= 2.3.12)
    actionpack (2.3.12)
      activesupport (= 2.3.12)
      rack (~> 1.1.0)
    activerecord (2.3.12)
      activesupport (= 2.3.12)
    activeresource (2.3.12)
      activesupport (= 2.3.12)
    activesupport (2.3.12)
    acts-as-taggable-on (2.0.6)
    arrayfields (4.7.4)
    awesome_print (0.3.2)
    builder (3.0.0)
    capistrano (2.6.0)
      highline
      net-scp (>= 1.0.0)
      net-sftp (>= 2.0.0)
      net-ssh (>= 2.0.14)
      net-ssh-gateway (>= 1.1.0)
    capistrano-ext (1.2.1)
      capistrano (>= 1.0.0)
    capybara (0.4.1.2)
      celerity (>= 0.7.9)
      culerity (>= 0.2.4)
      mime-types (>= 1.16)
      nokogiri (>= 1.3.3)
      rack (>= 1.0.0)
      rack-test (>= 0.5.4)
      selenium-webdriver (>= 0.0.27)
      xpath (~> 0.1.3)
    celerity (0.8.9)
    childprocess (0.1.9)
      ffi (~> 1.0.6)
    chronic (0.4.2)
    ci_reporter (1.6.4)
      builder (>= 2.1.2)
    coderay (0.9.8)
    columnize (0.3.2)
    compass (0.8.17)
      haml (>= 2.2.0)
    configuration (1.2.0)
    cucumber (0.10.6)
      builder (>= 2.1.2)
      diff-lcs (>= 1.1.2)
      gherkin (~> 2.4.0)
      json (>= 1.4.6)
      term-ansicolor (>= 1.0.5)
    cucumber-rails (0.3.2)
      cucumber (>= 0.8.0)
    culerity (0.2.15)
    database_cleaner (0.6.7)
    delorean (1.0.1)
      chronic
    diff-lcs (1.1.2)
    email_spec (0.3.5)
    factory_girl (1.2.3)
    fakeweb (1.2.8)
    fastercsv (1.5.0)
    ffi (1.0.9)
    ffi (1.0.9-x86-mingw32)
    gherkin (2.4.0)
      json (>= 1.4.6)
    gherkin (2.4.0-x86-mingw32)
      json (>= 1.4.6)
    grit (2.0.0)
      diff-lcs (>= 1.1.2)
      mime-types (>= 1.15)
    haml (3.0.25)
    highline (1.6.2)
    hirb (0.4.5)
    hpricot (0.6.164)
    httpclient (2.1.5.2)
    interactive_editor (0.0.6)
      spoon (>= 0.0.1)
    jnlp (0.7.2)
      nokogiri (~> 1.4.4)
    json (1.5.1)
    json_pure (1.5.1)
    launchy (0.4.0)
      configuration (>= 0.0.5)
      rake (>= 0.8.1)
    linecache (0.43)
    maruku (0.6.0)
      syntax (>= 1.0.0)
    method_source (0.6.0)
      ruby_parser (>= 2.0.5)
    mime-types (1.16)
    mysql (2.8.1)
    mysql (2.8.1-x86-mingw32)
    net-scp (1.0.4)
      net-ssh (>= 1.99.1)
    net-sftp (2.0.2)
      net-ssh (>= 2.0.9)
    net-ssh (2.1.4)
    net-ssh-gateway (1.1.0)
      net-ssh (>= 1.99.1)
    nokogiri (1.4.4)
    nokogiri (1.4.4-x86-mingw32)
    open4 (0.9.6)
    paperclip (2.3.11)
      activerecord (>= 2.3.0)
      activesupport (>= 2.3.2)
    prawn (0.4.1)
      prawn-layout
    prawn-format (0.1.1)
      prawn (< 0.5)
      prawn (>= 0.4)
    prawn-layout (0.8.4)
    pry (0.9.2)
      coderay (>= 0.9.8)
      method_source (>= 0.6.0)
      ruby_parser (>= 2.0.5)
      slop (~> 1.9.0)
    pry (0.9.2-x86-mingw32)
      coderay (>= 0.9.8)
      method_source (>= 0.6.0)
      ruby_parser (>= 2.0.5)
      slop (~> 1.9.0)
      win32console (>= 1.3.0)
    rack (1.1.2)
    rack-test (0.6.0)
      rack (>= 1.0)
    rails (2.3.12)
      actionmailer (= 2.3.12)
      actionpack (= 2.3.12)
      activerecord (= 2.3.12)
      activeresource (= 2.3.12)
      activesupport (= 2.3.12)
      rake (>= 0.8.3)
    rake (0.9.2)
    rdoc (3.6.1)
    remarkable (3.1.13)
      rspec (>= 1.2.0)
    remarkable_activerecord (3.1.13)
      remarkable (~> 3.1.13)
      rspec (>= 1.2.0)
    remarkable_rails (3.1.13)
      remarkable (~> 3.1.13)
      remarkable_activerecord (~> 3.1.13)
      rspec (>= 1.2.0)
      rspec-rails (>= 1.2.0)
    rspec (1.3.2)
    rspec-rails (1.3.4)
      rack (>= 1.0.0)
      rspec (~> 1.3.1)
    ruby-debug (0.10.4)
      columnize (>= 0.1)
      ruby-debug-base (~> 0.10.4.0)
    ruby-debug-base (0.10.4)
      linecache (>= 0.3)
    ruby-ole (1.2.11.1)
    ruby_parser (2.0.6)
      sexp_processor (~> 3.0)
    rubyzip (0.9.4)
    selenium-webdriver (0.2.1)
      childprocess (>= 0.1.7)
      ffi (>= 1.0.7)
      json_pure
      rubyzip
    sexp_processor (3.0.5)
    slop (1.9.1)
    spoon (0.0.1)
    spork (0.8.5)
    spreadsheet (0.6.5.4)
      ruby-ole (>= 1.0)
    syntax (1.0.0)
    term-ansicolor (1.0.5)
    uuidtools (2.1.2)
    what_methods (1.0.1)
    will_paginate (2.3.15)
    win32-open3 (0.3.2-x86-mingw32)
    win32console (1.3.0-x86-mingw32)
    wirble (0.1.3)
    xpath (0.1.4)
      nokogiri (~> 1.3)

PLATFORMS
  ruby
  x86-mingw32

DEPENDENCIES
  RedCloth (~> 4.2.7)
  aasm (~> 2.0.2)
  activerecord-jdbcmysql-adapter (>= 0.9.2)
  acts-as-taggable-on
  ar-extensions (~> 0.9.4)!
  arrayfields
  awesome_print
  capistrano-ext
  capybara (~> 0.4)
  ci_reporter (~> 1.6.4)
  compass (= 0.8.17)
  cucumber (~> 0.10.0)
  cucumber-rails (~> 0.3.2)
  database_cleaner (~> 0.6.6)
  delorean
  email_spec (= 0.3.5)
  factory_girl (= 1.2.3)
  fakeweb (~> 1.2.8)
  fastercsv (= 1.5.0)
  ffi-ncurses (~> 0.3.3)
  grit (~> 2.0.0)
  haml (~> 3.0.25)
  highline
  hirb
  hpricot (= 0.6.164)
  httpclient (~> 2.1.5.2)
  interactive_editor
  jnlp (~> 0.7.2)
  jruby-openssl (>= 0.6)
  launchy
  maruku (~> 0.6)
  mysql (~> 2.7)
  net-sftp (= 2.0.2)
  newrelic_rpm (~> 3.3.0)!
  nokogiri (~> 1.4.4)
  open4 (~> 0.9.6)
  paperclip
  prawn (~> 0.4.1)
  prawn-format (~> 0.1.1)
  pry
  rails (= 2.3.12)
  rake (>= 0.8.7)
  rdoc (~> 3.6.1)
  remarkable_rails (~> 3.1.13)
  rspec (~> 1.3.0)
  rspec-rails (~> 1.3.2)
  ruby-debug
  spork
  spreadsheet
  syntax (~> 1.0)
  uuidtools (~> 2.1.2)
  what_methods
  will_paginate (~> 2.3.6)
  win32-open3
  wirble
